GEM
  remote: http://rubygems.org/
  specs:
    colorize (0.7.7)
    ffi (1.9.8)
    pi_piper (1.3.2)
      ffi

PLATFORMS
  ruby

DEPENDENCIES
  colorize
  pi_piper
